GEM
  remote: https://rubygems.org/
  specs:
    actioncable (6.1.7.3)
      actionpack (= 6.1.7.3)
      activesupport (= 6.1.7.3)
      nio4r (~> 2.0)
      websocket-driver (>= 0.6.1)
    actionmailbox (6.1.7.3)
      actionpack (= 6.1.7.3)
      activejob (= 6.1.7.3)
      activerecord (= 6.1.7.3)
      activestorage (= 6.1.7.3)
      activesupport (= 6.1.7.3)
      mail (>= 2.7.1)
    actionmailer (6.1.7.3)
      actionpack (= 6.1.7.3)
      actionview (= 6.1.7.3)
      activejob (= 6.1.7.3)
      activesupport (= 6.1.7.3)
      mail (~> 2.5, >= 2.5.4)
      rails-dom-testing (~> 2.0)
    actionpack (6.1.7.3)
      actionview (= 6.1.7.3)
      activesupport (= 6.1.7.3)
      rack (~> 2.0, >= 2.0.9)
      rack-test (>= 0.6.3)
      rails-dom-testing (~> 2.0)
      rails-html-sanitizer (~> 1.0, >= 1.2.0)
    actiontext (6.1.7.3)
      actionpack (= 6.1.7.3)
      activerecord (= 6.1.7.3)
      activestorage (= 6.1.7.3)
      activesupport (= 6.1.7.3)
      nokogiri (>= 1.8.5)
    actionview (6.1.7.3)
      activesupport (= 6.1.7.3)
      builder (~> 3.1)
      erubi (~> 1.4)
      rails-dom-testing (~> 2.0)
      rails-html-sanitizer (~> 1.1, >= 1.2.0)
    activejob (6.1.7.3)
      activesupport (= 6.1.7.3)
      globalid (>= 0.3.6)
    activemodel (6.1.7.3)
      activesupport (= 6.1.7.3)
    activerecord (6.1.7.3)
      activemodel (= 6.1.7.3)
      activesupport (= 6.1.7.3)
    activerecord-import (1.4.1)
      activerecord (>= 4.2)
    activestorage (6.1.7.3)
      actionpack (= 6.1.7.3)
      activejob (= 6.1.7.3)
      activerecord (= 6.1.7.3)
      activesupport (= 6.1.7.3)
      marcel (~> 1.0)
      mini_mime (>= 1.1.0)
    activesupport (6.1.7.3)
      concurrent-ruby (~> 1.0, >= 1.0.2)
      i18n (>= 1.6, < 2)
      minitest (>= 5.1)
      tzinfo (~> 2.0)
      zeitwerk (~> 2.3)
    addressable (2.8.4)
      public_suffix (>= 2.0.2, < 6.0)
    ancestry (4.3.3)
      activerecord (>= 5.2.6)
    ast (2.4.2)
    audited (5.3.3)
      activerecord (>= 5.0, < 7.1)
      request_store (~> 1.2)
    aws-eventstream (1.2.0)
    aws-partitions (1.766.0)
    aws-sdk-core (3.173.0)
      aws-eventstream (~> 1, >= 1.0.2)
      aws-partitions (~> 1, >= 1.651.0)
      aws-sigv4 (~> 1.5)
      jmespath (~> 1, >= 1.6.1)
    aws-sdk-kms (1.64.0)
      aws-sdk-core (~> 3, >= 3.165.0)
      aws-sigv4 (~> 1.1)
    aws-sdk-s3 (1.122.0)
      aws-sdk-core (~> 3, >= 3.165.0)
      aws-sdk-kms (~> 1)
      aws-sigv4 (~> 1.4)
    aws-sigv4 (1.5.2)
      aws-eventstream (~> 1, >= 1.0.2)
    bcrypt (3.1.18)
    bindex (0.8.1)
    bootsnap (1.16.0)
      msgpack (~> 1.2)
    bugsnag (6.25.2)
      concurrent-ruby (~> 1.0)
    builder (3.2.4)
    bullet (7.0.7)
      activesupport (>= 3.0.0)
      uniform_notifier (~> 1.11)
    byebug (11.1.3)
    cancancan (3.5.0)
    capybara (3.39.1)
      addressable
      matrix
      mini_mime (>= 0.1.3)
      nokogiri (~> 1.8)
      rack (>= 1.6.0)
      rack-test (>= 0.6.3)
      regexp_parser (>= 1.5, < 3.0)
      xpath (~> 3.2)
    chronic_duration (0.10.6)
      numerizer (~> 0.1.1)
    ckeditor (5.1.1)
      orm_adapter (~> 0.5.0)
    concurrent-ruby (1.2.2)
    connection_pool (2.4.0)
    counter_culture (2.9.0)
      activerecord (>= 4.2)
      activesupport (>= 4.2)
    countries (5.4.0)
      unaccent (~> 0.3)
    crack (0.4.5)
      rexml
    crass (1.0.6)
    database_cleaner (2.0.2)
      database_cleaner-active_record (>= 2, < 3)
    database_cleaner-active_record (2.1.0)
      activerecord (>= 5.a)
      database_cleaner-core (~> 2.0.0)
    database_cleaner-core (2.0.1)
    date (3.3.3)
    devise (4.9.2)
      bcrypt (~> 3.0)
      orm_adapter (~> 0.1)
      railties (>= 4.1.0)
      responders
      warden (~> 1.2.3)
    diff-lcs (1.5.0)
    domain_name (0.5.20190701)
      unf (>= 0.0.5, < 1.0.0)
    dotenv (2.8.1)
    dotenv-rails (2.8.1)
      dotenv (= 2.8.1)
      railties (>= 3.2)
    erubi (1.12.0)
    et-orbi (1.2.7)
      tzinfo
    facebookbusiness (16.0.2)
      concurrent-ruby (~> 1.1)
      countries (>= 3, < 6)
      faraday (~> 2.6)
      faraday-multipart (~> 1.0)
      json (~> 2.6)
      money (~> 6.13)
    factory_bot (6.2.1)
      activesupport (>= 5.0.0)
    factory_bot_rails (6.2.0)
      factory_bot (~> 6.2.0)
      railties (>= 5.0.0)
    faker (3.2.0)
      i18n (>= 1.8.11, < 2)
    faraday (2.7.4)
      faraday-net_http (>= 2.0, < 3.1)
      ruby2_keywords (>= 0.0.4)
    faraday-multipart (1.0.4)
      multipart-post (~> 2)
    faraday-net_http (3.0.2)
    ffi (1.15.5)
    figaro (1.2.0)
      thor (>= 0.14.0, < 2)
    friendly_id (5.4.2)
      activerecord (>= 4.0.0)
    fugit (1.8.1)
      et-orbi (~> 1, >= 1.2.7)
      raabro (~> 1.4)
    fuzzy_match (2.1.0)
    geocoder (1.8.1)
    get_process_mem (0.2.7)
      ffi (~> 1.0)
    globalid (1.1.0)
      activesupport (>= 5.0)
    graphiql-rails (1.9.0)
      railties
      sprockets-rails
    graphql (2.0.22)
    graphql-pagination (2.1.1)
      graphql (~> 2.0)
    hashdiff (1.0.1)
    hashie (5.0.0)
    http-accept (1.7.0)
    http-cookie (1.0.5)
      domain_name (~> 0.5)
    httparty (0.21.0)
      mini_mime (>= 1.0.0)
      multi_xml (>= 0.5.2)
    i18n (1.13.0)
      concurrent-ruby (~> 1.0)
    image_processing (1.12.2)
      mini_magick (>= 4.9.5, < 5)
      ruby-vips (>= 2.0.17, < 3)
    jbuilder (2.11.5)
      actionview (>= 5.0.0)
      activesupport (>= 5.0.0)
    jmespath (1.6.2)
    json (2.6.3)
    jwt (2.7.0)
    kaminari-activerecord (1.2.2)
      activerecord
      kaminari-core (= 1.2.2)
    kaminari-core (1.2.2)
    listen (3.8.0)
      rb-fsevent (~> 0.10, >= 0.10.3)
      rb-inotify (~> 0.9, >= 0.9.10)
    loofah (2.21.3)
      crass (~> 1.0.2)
      nokogiri (>= 1.12.0)
    mail (2.8.1)
      mini_mime (>= 0.1.1)
      net-imap
      net-pop
      net-smtp
    mailgun-ruby (1.2.8)
      rest-client (>= 2.0.2)
    marcel (1.0.2)
    matrix (0.4.2)
    mention_system (0.2.0)
      rails (>= 6.0, < 7.0)
    method_source (1.0.0)
    mime-types (3.4.1)
      mime-types-data (~> 3.2015)
    mime-types-data (3.2023.0218.1)
    mini_magick (4.12.0)
    mini_mime (1.1.2)
    minitest (5.18.0)
    money (6.16.0)
      i18n (>= 0.6.4, <= 2)
    msgpack (1.7.0)
    multi_xml (0.6.0)
    multipart-post (2.3.0)
    net-imap (0.3.4)
      date
      net-protocol
    net-pop (0.1.2)
      net-protocol
    net-protocol (0.2.1)
      timeout
    net-smtp (0.3.3)
      net-protocol
    netrc (0.11.0)
    nio4r (2.5.9)
    nokogiri (1.15.0-arm64-darwin)
      racc (~> 1.4)
    numerizer (0.1.1)
    oauth (1.1.0)
      oauth-tty (~> 1.0, >= 1.0.1)
      snaky_hash (~> 2.0)
      version_gem (~> 1.1)
    oauth-tty (1.0.5)
      version_gem (~> 1.1, >= 1.1.1)
    open-uri (0.3.0)
      stringio
      time
      uri
    orm_adapter (0.5.0)
    parallel (1.23.0)
    parser (3.2.2.1)
      ast (~> 2.4.1)
    pg (1.5.3)
    public_suffix (5.0.1)
    puma (4.3.12)
      nio4r (~> 2.0)
    puma_worker_killer (0.3.1)
      get_process_mem (~> 0.2)
      puma (>= 2.7)
    raabro (1.4.0)
    racc (1.6.2)
    rack (2.2.7)
    rack-cors (2.0.1)
      rack (>= 2.0.0)
    rack-proxy (0.7.6)
      rack
    rack-test (2.1.0)
      rack (>= 1.3)
    rails (6.1.7.3)
      actioncable (= 6.1.7.3)
      actionmailbox (= 6.1.7.3)
      actionmailer (= 6.1.7.3)
      actionpack (= 6.1.7.3)
      actiontext (= 6.1.7.3)
      actionview (= 6.1.7.3)
      activejob (= 6.1.7.3)
      activemodel (= 6.1.7.3)
      activerecord (= 6.1.7.3)
      activestorage (= 6.1.7.3)
      activesupport (= 6.1.7.3)
      bundler (>= 1.15.0)
      railties (= 6.1.7.3)
      sprockets-rails (>= 2.0.0)
    rails-controller-testing (1.0.5)
      actionpack (>= 5.0.1.rc1)
      actionview (>= 5.0.1.rc1)
      activesupport (>= 5.0.1.rc1)
    rails-dom-testing (2.0.3)
      activesupport (>= 4.2.0)
      nokogiri (>= 1.6)
    rails-html-sanitizer (1.5.0)
      loofah (~> 2.19, >= 2.19.1)
    railties (6.1.7.3)
      actionpack (= 6.1.7.3)
      activesupport (= 6.1.7.3)
      method_source
      rake (>= 12.2)
      thor (~> 1.0)
    rainbow (3.1.1)
    rake (13.0.6)
    ransack (4.0.0)
      activerecord (>= 6.1.5)
      activesupport (>= 6.1.5)
      i18n
    rb-fsevent (0.11.2)
    rb-inotify (0.10.1)
      ffi (~> 1.0)
    redis (4.8.1)
    redis-client (0.14.1)
      connection_pool
    regexp_parser (2.8.0)
    request_store (1.5.1)
      rack (>= 1.4)
    responders (3.1.0)
      actionpack (>= 5.2)
      railties (>= 5.2)
    rest-client (2.1.0)
      http-accept (>= 1.7.0, < 2.0)
      http-cookie (>= 1.0.2, < 2.0)
      mime-types (>= 1.16, < 4.0)
      netrc (~> 0.8)
    rexml (3.2.5)
    rolify (6.0.1)
    rspec-core (3.12.2)
      rspec-support (~> 3.12.0)
    rspec-expectations (3.12.3)
      diff-lcs (>= 1.2.0, < 2.0)
      rspec-support (~> 3.12.0)
    rspec-mocks (3.12.5)
      diff-lcs (>= 1.2.0, < 2.0)
      rspec-support (~> 3.12.0)
    rspec-rails (5.0.3)
      actionpack (>= 5.2)
      activesupport (>= 5.2)
      railties (>= 5.2)
      rspec-core (~> 3.10)
      rspec-expectations (~> 3.10)
      rspec-mocks (~> 3.10)
      rspec-support (~> 3.10)
    rspec-support (3.12.0)
    rubocop (1.51.0)
      json (~> 2.3)
      parallel (~> 1.10)
      parser (>= 3.2.0.0)
      rainbow (>= 2.2.2, < 4.0)
      regexp_parser (>= 1.8, < 3.0)
      rexml (>= 3.2.5, < 4.0)
      rubocop-ast (>= 1.28.0, < 2.0)
      ruby-progressbar (~> 1.7)
      unicode-display_width (>= 2.4.0, < 3.0)
    rubocop-ast (1.28.1)
      parser (>= 3.2.1.0)
    rubocop-capybara (2.18.0)
      rubocop (~> 1.41)
    rubocop-factory_bot (2.23.1)
      rubocop (~> 1.33)
    rubocop-rails (2.19.1)
      activesupport (>= 4.2.0)
      rack (>= 1.1)
      rubocop (>= 1.33.0, < 2.0)
    rubocop-rspec (2.22.0)
      rubocop (~> 1.33)
      rubocop-capybara (~> 2.17)
      rubocop-factory_bot (~> 2.22)
    ruby-openai (4.1.0)
      faraday (>= 1)
      faraday-multipart (>= 1)
    ruby-progressbar (1.13.0)
    ruby-vips (2.1.4)
      ffi (~> 1.12)
    ruby2_keywords (0.0.5)
    rubyzip (2.3.2)
    sass-rails (6.0.0)
      sassc-rails (~> 2.1, >= 2.1.1)
    sassc (2.4.0)
      ffi (~> 1.9)
    sassc-rails (2.1.2)
      railties (>= 4.0.0)
      sassc (>= 2.0)
      sprockets (> 3.0)
      sprockets-rails
      tilt
    scenic (1.7.0)
      activerecord (>= 4.0.0)
      railties (>= 4.0.0)
    scout_apm (5.3.5)
      parser
    selenium-webdriver (4.9.1)
      rexml (~> 3.2, >= 3.2.5)
      rubyzip (>= 1.2.2, < 3.0)
      websocket (~> 1.0)
    semantic_range (3.0.0)
    shoulda-matchers (4.5.1)
      activesupport (>= 4.2.0)
    sidekiq (7.1.0)
      concurrent-ruby (< 2)
      connection_pool (>= 2.3.0)
      rack (>= 2.2.4)
      redis-client (>= 0.14.0)
    sidekiq-cron (1.10.1)
      fugit (~> 1.8)
      globalid (>= 1.0.1)
      sidekiq (>= 6)
    sidekiq-status (3.0.3)
      chronic_duration
      sidekiq (>= 6.0, < 8)
    simple_calendar (2.4.3)
      rails (>= 3.0)
    snaky_hash (2.0.1)
      hashie
      version_gem (~> 1.1, >= 1.1.1)
    spring (2.1.1)
    spring-watcher-listen (2.0.1)
      listen (>= 2.7, < 4.0)
      spring (>= 1.2, < 3.0)
    sprockets (4.2.0)
      concurrent-ruby (~> 1.0)
      rack (>= 2.2.4, < 4)
    sprockets-rails (3.4.2)
      actionpack (>= 5.2)
      activesupport (>= 5.2)
      sprockets (>= 3.0.0)
    stringio (3.0.6)
    stripe (8.5.0)
    stripe_event (2.7.0)
      activesupport (>= 3.1)
      stripe (>= 2.8, < 9)
    thor (1.2.2)
    tilt (2.1.0)
    time (0.2.2)
      date
    timeout (0.3.2)
    turbo-rails (1.4.0)
      actionpack (>= 6.0.0)
      activejob (>= 6.0.0)
      railties (>= 6.0.0)
    tzinfo (2.0.6)
      concurrent-ruby (~> 1.0)
    unaccent (0.4.0)
    unf (0.1.4)
      unf_ext
    unf_ext (0.0.8.2)
    unicode-display_width (2.4.2)
    uniform_notifier (1.16.0)
    uri (0.12.1)
    version_gem (1.1.2)
    warden (1.2.9)
      rack (>= 2.0.9)
    web-console (4.2.0)
      actionview (>= 6.0.0)
      activemodel (>= 6.0.0)
      bindex (>= 0.4.0)
      railties (>= 6.0.0)
    webdrivers (5.2.0)
      nokogiri (~> 1.6)
      rubyzip (>= 1.3.0)
      selenium-webdriver (~> 4.0)
    webmock (3.18.1)
      addressable (>= 2.8.0)
      crack (>= 0.3.2)
      hashdiff (>= 0.4.0, < 2.0.0)
    webpacker (5.4.4)
      activesupport (>= 5.2)
      rack-proxy (>= 0.6.1)
      railties (>= 5.2)
      semantic_range (>= 2.3.0)
    websocket (1.2.9)
    websocket-driver (0.7.5)
      websocket-extensions (>= 0.1.0)
    websocket-extensions (0.1.5)
    wicked_pdf (2.6.3)
      activesupport
    will_paginate (3.3.1)
    will_paginate-bootstrap-style (0.2.4)
      will_paginate (~> 3.0, >= 3.0.0)
    wkhtmltopdf-binary (0.12.6.6)
    xpath (3.2.0)
      nokogiri (~> 1.8)
    zeitwerk (2.6.8)

PLATFORMS
  arm64-darwin-22

DEPENDENCIES
  activerecord-import
  ancestry
  audited (~> 5.0)
  aws-sdk-s3
  bootsnap (>= 1.4.2)
  bugsnag
  bullet
  byebug
  cancancan
  capybara (>= 2.15)
  ckeditor
  counter_culture (~> 2.0)
  database_cleaner
  devise
  dotenv-rails
  facebookbusiness
  factory_bot_rails (~> 6.1)
  faker
  figaro
  friendly_id (~> 5.4.0)
  fuzzy_match
  geocoder
  graphiql-rails
  graphql
  graphql-pagination
  httparty
  image_processing (~> 1.2)
  jbuilder (~> 2.7)
  jwt
  kaminari-activerecord
  listen (~> 3.2)
  mailgun-ruby (~> 1.2.5)
  mention_system (~> 0.2.0)
  mini_magick
  net-imap
  net-pop
  net-smtp
  oauth
  open-uri
  pg (>= 0.18, < 2.0)
  puma (~> 4.1)
  puma_worker_killer
  rack-cors
  rails (~> 6.1.4)
  rails-controller-testing
  ransack
  redis (~> 4.0)
  rolify
  rspec-rails (~> 5.0.0)
  rubocop
  rubocop-rails
  rubocop-rspec
  ruby-openai
  rubyzip
  sass-rails (>= 6)
  scenic
  scout_apm
  selenium-webdriver
  shoulda-matchers (~> 4.5, >= 4.5.1)
  sidekiq
  sidekiq-cron
  sidekiq-status
  simple_calendar (~> 2.4)
  spring
  spring-watcher-listen (~> 2.0.0)
  stringio (= 3.0.6)
  stripe
  stripe_event
  turbo-rails
  tzinfo-data
  web-console (>= 3.3.0)
  webdrivers
  webmock
  webpacker (~> 5.x)
  wicked_pdf
  will_paginate-bootstrap-style
  wkhtmltopdf-binary

RUBY VERSION
   ruby 3.1.2p20

BUNDLED WITH
   2.3.26
